GEM
  remote: https://rubygems.org/
  specs:
    addressable (2.8.7)
      public_suffix (>= 2.0.2, < 7.0)
    base64 (0.3.0)
    benchmark (0.4.1)
    bigdecimal (3.2.2)
    colorize (1.1.0)
    erubi (1.13.1)
    event_stream_parser (1.0.0)
    faraday (2.13.4)
      faraday-net_http (>= 2.0, < 3.5)
      json
      logger
    faraday-multipart (1.1.1)
      multipart-post (~> 2.0)
    faraday-net_http (3.4.1)
      net-http (>= 0.5.0)
    faraday-retry (2.3.2)
      faraday (~> 2.0)
    http-2 (1.1.1)
    httpx (1.5.1)
      http-2 (>= 1.0.0)
    json (2.13.2)
    json-schema (5.2.2)
      addressable (~> 2.8)
      bigdecimal (~> 3.1)
    logger (1.7.0)
    marcel (1.0.4)
    multipart-post (2.4.1)
    net-http (0.6.0)
      uri
    netrc (0.11.0)
    parallel (1.27.0)
    prism (1.4.0)
    public_suffix (6.0.2)
    rbi (0.3.6)
      prism (~> 1.0)
      rbs (>= 3.4.4)
    rbs (3.9.4)
      logger
    rexml (3.4.2)
    ruby_llm (1.6.4)
      base64
      event_stream_parser (~> 1)
      faraday (>= 1.10.0)
      faraday-multipart (>= 1)
      faraday-net_http (>= 1)
      faraday-retry (>= 1)
      marcel (~> 1.0)
      zeitwerk (~> 2)
    ruby_llm-mcp (0.6.1)
      httpx (~> 1.4)
      json-schema (~> 5.0)
      ruby_llm (~> 1.3)
      thor (~> 1.3)
      zeitwerk (~> 2)
    sorbet (0.6.12449)
      sorbet-static (= 0.6.12449)
    sorbet-runtime (0.6.12449)
    sorbet-static (0.6.12449-aarch64-linux)
    sorbet-static (0.6.12449-universal-darwin)
    sorbet-static (0.6.12449-x86_64-linux)
    sorbet-static-and-runtime (0.6.12449)
      sorbet (= 0.6.12449)
      sorbet-runtime (= 0.6.12449)
    spoom (1.6.3)
      erubi (>= 1.10.0)
      prism (>= 0.28.0)
      rbi (>= 0.3.3)
      rexml (>= 3.2.6)
      sorbet-static-and-runtime (>= 0.5.10187)
      thor (>= 0.19.2)
    tapioca (0.16.11)
      benchmark
      bundler (>= 2.2.25)
      netrc (>= 0.11.0)
      parallel (>= 1.21.0)
      rbi (~> 0.2)
      sorbet-static-and-runtime (>= 0.5.11087)
      spoom (>= 1.2.0)
      thor (>= 1.2.0)
      yard-sorbet
    thor (1.4.0)
    uri (1.0.3)
    yard (0.9.37)
    yard-sorbet (0.9.0)
      sorbet-runtime
      yard
    zeitwerk (2.7.3)

PLATFORMS
  aarch64-linux
  universal-darwin
  x86_64-linux

DEPENDENCIES
  colorize (~> 1.1)
  ruby_llm (~> 1.6)
  ruby_llm-mcp (~> 0.6.1)
  sorbet
  sorbet-runtime
  tapioca

BUNDLED WITH
   2.6.9
